GEM
  remote: http://rubygems.org/
  specs:
    mini_portile2 (2.2.0)
    nokogiri (1.8.0)
      mini_portile2 (~> 2.2.0)

PLATFORMS
  ruby

DEPENDENCIES
  nokogiri

RUBY VERSION
   ruby 2.2.4p230

BUNDLED WITH
   1.14.6
